GEM
  remote: http://rubygems.org/
  specs:
    haml (3.1.2)
    json (1.6.1)
    nokogiri (1.5.0)
    rack (1.3.5)
    rack-protection (1.1.4)
      rack
    ruby-readability (0.2.3)
      nokogiri (>= 1.4.2)
    sinatra (1.3.1)
      rack (~> 1.3, >= 1.3.4)
      rack-protection (~> 1.1, >= 1.1.2)
      tilt (~> 1.3, >= 1.3.3)
    tilt (1.3.3)

PLATFORMS
  ruby

DEPENDENCIES
  haml
  json
  nokogiri
  ruby-readability
  sinatra
